GIT
  remote: https://github.com/melancholiaque/codebreaker.git
  revision: 45a78b8062ef0d536a5f3412a78c8fbeedf7492d
  branch: feature/codebreaker_gem
  specs:
    codebreaker (0.0.1)
      pry (~> 0.11.3)

GEM
  remote: https://rubygems.org/
  specs:
    coderay (1.1.2)
    method_source (0.9.0)
    pry (0.11.3)
      coderay (~> 1.1.0)
      method_source (~> 0.9.0)
    rack (2.0.5)

PLATFORMS
  ruby

DEPENDENCIES
  codebreaker!
  rack

BUNDLED WITH
   1.16.2
